GEM
  remote: https://rubygems.org/
  specs:
    akami (1.3.1)
      gyoku (>= 0.4.0)
      nokogiri
    builder (3.2.3)
    daemons (1.3.1)
    eventmachine (1.2.7)
    facets (3.1.0)
    gyoku (1.3.1)
      builder (>= 2.1.2)
    hpricot (0.8.6)
    httpclient (2.8.3)
    httpi (2.4.4)
      rack
      socksify
    json (2.6.3)
    mini_portile2 (2.8.0)
    racc (1.6.2)
    mustermann (3.0.0)
      ruby2_keywords (~> 0.0.1)
    nokogiri (1.14)
      mini_portile2 (~> 2.8.0)
      racc (~> 1.6)
    nori (2.6.0)
    oauth (0.5.4)
    rack (2.2.4)
    rack-protection (3.0.5)
      rack
    rack-ssl-enforcer (0.2.9)
    rack-timeout (0.5.2)
    rforce (0.14)
      builder (~> 3.0)
      oauth (~> 0.4)
    savon (2.12.0)
      akami (~> 1.2)
      builder (>= 2.1.2)
      gyoku (~> 1.2)
      httpi (~> 2.3)
      nokogiri (>= 1.8.1)
      nori (~> 2.4)
      wasabi (~> 3.4)
    sinatra (3.0.5)
      mustermann (~> 3.0)
      rack (>= 2.2.4, ~> 2.2)
      rack-protection (= 3.0.5)
      tilt (~> 2.0)
    soap4r-ng (2.0.4)
    socksify (1.7.1)
    thin (1.7.2)
      daemons (~> 1.0, >= 1.0.9)
      eventmachine (~> 1.0, >= 1.0.4)
      rack (>= 1, < 3)
    tilt (2.0.10)
    wasabi (3.5.0)
      httpi (~> 2.0)
      nokogiri (>= 1.4.2)

PLATFORMS
  ruby

DEPENDENCIES
  eventmachine
  facets
  hpricot
  httpclient
  json
  rack-ssl-enforcer
  rack-timeout
  rforce
  savon
  sinatra
  soap4r-ng
  thin
  rexml

RUBY VERSION
   ruby 3.1.3

BUNDLED WITH
   2.4.10